PATH
  remote: ..
  specs:
    ruby_scep (0.2.1)

GEM
  remote: https://rubygems.org/
  specs:
    mustermann (1.0.3)
    rack (2.0.6)
    rack-protection (2.0.4)
      rack
    sinatra (2.0.4)
      mustermann (~> 1.0)
      rack (~> 2.0)
      rack-protection (= 2.0.4)
      tilt (~> 2.0)
    tilt (2.0.8)

PLATFORMS
  ruby

DEPENDENCIES
  ruby_scep!
  sinatra

RUBY VERSION
   ruby 2.5.3p105

BUNDLED WITH
   1.17.1
